PATH
  remote: .
  specs:
    algebrick (0.3.3)

GEM
  remote: http://rubygems.org/
  specs:
    ansi (1.4.3)
    builder (3.2.2)
    coderay (1.1.0)
    ffi (1.9.3-java)
    github-markup (1.0.0)
    hashie (2.0.5)
    kramdown (1.3.0)
    method_source (0.8.2)
    minitest (5.1.0)
    minitest-reporters (1.0.0)
      ansi
      builder
      minitest (>= 5.0)
      powerbar
    multi_json (1.8.2)
    powerbar (1.0.11)
      ansi (~> 1.4.0)
      hashie (>= 1.1.0)
    pry (0.9.12.4)
      coderay (~> 1.0)
      method_source (~> 0.8)
      slop (~> 3.4)
    pry (0.9.12.4-java)
      coderay (~> 1.0)
      method_source (~> 0.8)
      slop (~> 3.4)
      spoon (~> 0.0)
    slop (3.4.7)
    spoon (0.0.4)
      ffi
    turn (0.9.6)
      ansi
    yard (0.8.7.3)

PLATFORMS
  java
  ruby

DEPENDENCIES
  algebrick!
  github-markup
  kramdown
  minitest
  minitest-reporters
  multi_json
  pry
  turn
  yard
