PATH
  remote: .
  specs:
    algebrick (0.2.4)

GEM
  remote: http://rubygems.org/
  specs:
    ansi (1.4.3)
    builder (3.2.2)
    coderay (1.0.9)
    github-markup (0.7.5)
    hashie (2.0.5)
    method_source (0.8.2)
    minitest (4.7.5)
    minitest-reporters (0.14.21)
      ansi
      builder
      minitest (>= 2.12, < 5.0)
      powerbar
    multi_json (1.8.0)
    powerbar (1.0.11)
      ansi (~> 1.4.0)
      hashie (>= 1.1.0)
    pry (0.9.12.2)
      coderay (~> 1.0.5)
      method_source (~> 0.8)
      slop (~> 3.4)
    redcarpet (3.0.0)
    slop (3.4.6)
    turn (0.9.6)
      ansi
    yard (0.8.7.1)

PLATFORMS
  ruby

DEPENDENCIES
  algebrick!
  github-markup
  minitest
  minitest-reporters
  multi_json
  pry
  redcarpet
  turn
  yard
