PATH
  remote: .
  specs:
    algebrick (0.7.0)

GEM
  remote: http://rubygems.org/
  specs:
    ansi (1.5.0)
    builder (3.2.2)
    coderay (1.1.0)
    ffi (1.9.8-java)
    json (1.8.3)
    json (1.8.3-java)
    kramdown (1.7.0)
    method_source (0.8.2)
    minitest (5.7.0)
    minitest-reporters (1.0.16)
      ansi
      builder
      minitest (>= 5.0)
      ruby-progressbar
    multi_json (1.11.1)
    pry (0.10.1)
      coderay (~> 1.1.0)
      method_source (~> 0.8.1)
      slop (~> 3.4)
    pry (0.10.1-java)
      coderay (~> 1.1.0)
      method_source (~> 0.8.1)
      slop (~> 3.4)
      spoon (~> 0.0)
    ruby-progressbar (1.7.5)
    slop (3.6.0)
    spoon (0.0.4)
      ffi
    turn (0.9.6)
      ansi
    yard (0.8.7.6)

PLATFORMS
  java
  ruby

DEPENDENCIES
  algebrick!
  json
  kramdown
  minitest
  minitest-reporters
  multi_json
  pry
  turn
  yard

BUNDLED WITH
   1.10.4
