PATH
  remote: .
  specs:
    algebrick (0.6.0)

GEM
  remote: http://rubygems.org/
  specs:
    ansi (1.4.3)
    builder (3.2.2)
    coderay (1.1.0)
    ffi (1.9.6-java)
    hashie (3.3.2)
    json (1.8.1)
    json (1.8.1-java)
    kramdown (1.5.0)
    method_source (0.8.2)
    minitest (4.7.5)
    minitest-reporters (0.14.24)
      ansi
      builder
      minitest (>= 2.12, < 5.0)
      powerbar
    multi_json (1.10.1)
    powerbar (1.0.11)
      ansi (~> 1.4.0)
      hashie (>= 1.1.0)
    pry (0.10.1)
      coderay (~> 1.1.0)
      method_source (~> 0.8.1)
      slop (~> 3.4)
    pry (0.10.1-java)
      coderay (~> 1.1.0)
      method_source (~> 0.8.1)
      slop (~> 3.4)
      spoon (~> 0.0)
    slop (3.6.0)
    spoon (0.0.4)
      ffi
    turn (0.9.7)
      ansi
      minitest (~> 4)
    yard (0.8.7.6)

PLATFORMS
  java
  ruby

DEPENDENCIES
  algebrick!
  json
  kramdown
  minitest
  minitest-reporters
  multi_json
  pry
  turn
  yard
