PATH
  remote: .
  specs:
    algebrick (0.1.0)

GEM
  remote: http://rubygems.org/
  specs:
    ansi (1.4.3)
    coderay (1.0.9)
    kramdown (1.0.1)
    method_source (0.8.1)
    minitest (4.7.0)
    multi_json (1.7.2)
    pry (0.9.12)
      coderay (~> 1.0.5)
      method_source (~> 0.8)
      slop (~> 3.4)
    slop (3.4.4)
    turn (0.9.6)
      ansi
    yard (0.8.5.2)

PLATFORMS
  ruby

DEPENDENCIES
  algebrick!
  kramdown
  minitest
  multi_json
  pry
  turn
  yard
